GEM
  remote: https://rubygems.org/
  specs:
    docopt (0.5.0)
    mini_portile2 (2.0.0)
    nokogiri (1.6.7.2)
      mini_portile2 (~> 2.0.0.rc2)

PLATFORMS
  ruby

DEPENDENCIES
  docopt
  nokogiri

BUNDLED WITH
   1.11.2
